GIT
  remote: https://github.com/SettRaziel/ruby_utils
  revision: 377afb33cd8d82e6fcbb22fe5f81bf4111939836
  specs:
    ruby_utils (0.0.1)

GEM
  remote: https://rubygems.org/
  specs:
    csv (3.1.7)
    yard (0.9.25)

PLATFORMS
  ruby

DEPENDENCIES
  csv
  ruby_utils!
  yard

BUNDLED WITH
   2.1.4
