GIT
  remote: https://github.com/SettRaziel/ruby_utils
  revision: 6ba4d9a76f338b6ae1f6fb0472d56f193d50bab2
  specs:
    ruby_utils (0.2.1)

GEM
  remote: https://rubygems.org/
  specs:
    csv (3.2.0)
    yard (0.9.26)

PLATFORMS
  ruby

DEPENDENCIES
  csv
  ruby_utils!
  yard

BUNDLED WITH
   2.1.4
