GIT
  remote: https://github.com/SettRaziel/ruby_utils
  revision: af901b26bc00953101b9959e72b7279f7bfa382a
  specs:
    ruby_utils (0.1.0)

GEM
  remote: https://rubygems.org/
  specs:
    csv (3.1.9)
    yard (0.9.26)

PLATFORMS
  ruby

DEPENDENCIES
  csv
  ruby_utils!
  yard

BUNDLED WITH
   2.1.4
