GIT
  remote: https://github.com/SettRaziel/ruby_utils
  revision: 72e0fd0baf4e82a628f23f3d59c525f88a6a87dd
  specs:
    ruby_utils (0.1.1)

GEM
  remote: https://rubygems.org/
  specs:
    csv (3.1.9)
    yard (0.9.26)

PLATFORMS
  ruby

DEPENDENCIES
  csv
  ruby_utils!
  yard

BUNDLED WITH
   2.1.4
