GIT
  remote: https://github.com/SettRaziel/ruby_utils
  revision: 7ab99e9676fcb913f0cfe050799f62d34b83cc87
  specs:
    ruby_utils (0.2.0)

GEM
  remote: https://rubygems.org/
  specs:
    csv (3.2.0)
    yard (0.9.26)

PLATFORMS
  ruby

DEPENDENCIES
  csv
  ruby_utils!
  yard

BUNDLED WITH
   2.1.4
