GIT
  remote: https://github.com/SettRaziel/ruby_utils
  revision: c4c576a253fd9c73f1f30120992857fe8e8de98e
  specs:
    ruby_utils (0.2.0)

GEM
  remote: https://rubygems.org/
  specs:
    csv (3.2.0)
    yard (0.9.26)

PLATFORMS
  ruby

DEPENDENCIES
  csv
  ruby_utils!
  yard

BUNDLED WITH
   2.1.4
