GIT
  remote: https://github.com/SettRaziel/ruby_utils
  revision: f1f841671435cc4d3b0d906de8384a4da0fdebb5
  specs:
    ruby_utils (0.0.1)

GEM
  remote: https://rubygems.org/
  specs:
    csv (3.1.9)
    yard (0.9.26)

PLATFORMS
  ruby

DEPENDENCIES
  csv
  ruby_utils!
  yard

BUNDLED WITH
   2.1.4
