GIT
  remote: https://github.com/SettRaziel/ruby_utils
  revision: 22954509d2ca0cf6d204dd4f76426f5a11207476
  specs:
    ruby_utils (0.0.1)

GEM
  remote: https://rubygems.org/
  specs:
    csv (3.1.2)
    yard (0.9.24)

PLATFORMS
  ruby

DEPENDENCIES
  csv
  ruby_utils!
  yard

BUNDLED WITH
   2.1.4
