GIT
  remote: https://github.com/SettRaziel/ruby_utils
  revision: 77125ae8f326471362a2071dc27dc31c174d7732
  specs:
    ruby_utils (0.1.1)

GEM
  remote: https://rubygems.org/
  specs:
    csv (3.1.9)
    yard (0.9.26)

PLATFORMS
  ruby

DEPENDENCIES
  csv
  ruby_utils!
  yard

BUNDLED WITH
   2.1.4
