GIT
  remote: https://github.com/SettRaziel/ruby_utils
  revision: ad3b19a6d757008d29f8d0b37a12b1a28922f2ac
  specs:
    ruby_utils (0.0.1)

GEM
  remote: https://rubygems.org/
  specs:
    csv (3.1.2)
    yard (0.9.24)

PLATFORMS
  ruby

DEPENDENCIES
  csv
  ruby_utils!
  yard

BUNDLED WITH
   2.1.4
